GEM
  remote: http://rubygems.org/
  specs:
    capistrano (2.13.5)
      highline
      net-scp (>= 1.0.0)
      net-sftp (>= 2.0.0)
      net-ssh (>= 2.0.14)
      net-ssh-gateway (>= 1.1.0)
    capistrano_colors (0.5.5)
    coderay (1.0.8)
    gem-src (0.4.1)
    highline (1.6.15)
    json (1.7.5)
    method_source (0.8.1)
    net-scp (1.0.4)
      net-ssh (>= 1.99.1)
    net-sftp (2.0.5)
      net-ssh (>= 2.0.9)
    net-ssh (2.6.2)
    net-ssh-gateway (1.1.0)
      net-ssh (>= 1.99.1)
    powder (0.1.8)
      thor (>= 0.11.5)
    pry (0.9.10)
      coderay (~> 1.0.5)
      method_source (~> 0.8)
      slop (~> 3.3.1)
    pry-doc (0.4.4)
      pry (>= 0.9.9.6)
      yard (~> 0.8.1)
    rake (10.0.3)
    rubygems-auto-rehash (0.0.3)
    slop (3.3.3)
    thor (0.16.0)
    yard (0.8.3)

PLATFORMS
  ruby

DEPENDENCIES
  bundler
  capistrano
  capistrano_colors
  gem-src
  json
  powder
  pry
  pry-doc
  rake
  rubygems-auto-rehash
